PATH
  remote: .
  specs:
    carrierwave-postgresql (0.2.0)

GEM
  remote: http://rubygems.org/
  specs:
    activemodel (4.0.13)
      activesupport (= 4.0.13)
      builder (~> 3.1.0)
    activerecord (4.0.13)
      activemodel (= 4.0.13)
      activerecord-deprecated_finders (~> 1.0.2)
      activesupport (= 4.0.13)
      arel (~> 4.0.0)
    activerecord-deprecated_finders (1.0.4)
    activerecord-jdbc-adapter (1.3.19)
      activerecord (>= 2.2)
    activerecord-jdbcpostgresql-adapter (1.3.19)
      activerecord-jdbc-adapter (~> 1.3.19)
      jdbc-postgres (>= 9.1)
    activesupport (4.0.13)
      i18n (~> 0.6, >= 0.6.9)
      minitest (~> 4.2)
      multi_json (~> 1.3)
      thread_safe (~> 0.1)
      tzinfo (~> 0.3.37)
    arel (4.0.2)
    builder (3.1.4)
    diff-lcs (1.2.5)
    i18n (0.7.0)
    jdbc-postgres (9.4.1206)
    json (1.8.3)
    mime-types (3.0)
      mime-types-data (~> 3.2015)
    mime-types-data (3.2016.0221)
    minitest (4.7.5)
    multi_json (1.11.2)
    pg (0.18.4)
    rake (10.5.0)
    rspec (2.99.0)
      rspec-core (~> 2.99.0)
      rspec-expectations (~> 2.99.0)
      rspec-mocks (~> 2.99.0)
    rspec-core (2.99.2)
    rspec-expectations (2.99.2)
      diff-lcs (>= 1.1.3, < 2.0)
    rspec-mocks (2.99.4)
    thread_safe (0.3.5)
    thread_safe (0.3.5-java)
    tzinfo (0.3.46)

PLATFORMS
  java
  ruby

DEPENDENCIES
  activerecord (~> 4.0.1)
  activerecord-jdbcpostgresql-adapter
  bundler
  carrierwave-postgresql!
  pg
  rake
  rspec (~> 2.9)

BUNDLED WITH
   1.11.2
